GEM
  remote: http://rubygems.org/
  specs:
    chunky_png (1.2.8)
    coffee-script (2.2.0)
      coffee-script-source
      execjs
    coffee-script-source (1.6.3)
    compass (0.12.2)
      chunky_png (~> 1.2)
      fssm (>= 0.2.7)
      sass (~> 3.1)
    eco (1.0.0)
      coffee-script
      eco-source
      execjs
    eco-source (1.1.0.rc.1)
    execjs (1.4.0)
      multi_json (~> 1.0)
    fssm (0.2.10)
    hike (1.2.3)
    libv8 (3.11.8.17)
    multi_json (1.7.9)
    rack (1.5.2)
    ref (1.0.5)
    sass (3.2.10)
    sprockets (2.10.0)
      hike (~> 1.2)
      multi_json (~> 1.0)
      rack (~> 1.0)
      tilt (~> 1.1, != 1.3.0)
    sprockets-sass (1.0.1)
      sprockets (~> 2.0)
      tilt (~> 1.1)
    therubyracer (0.11.4)
      libv8 (~> 3.11.8.12)
      ref
    tilt (1.4.1)

PLATFORMS
  ruby

DEPENDENCIES
  coffee-script
  compass
  eco
  sass
  sprockets
  sprockets-sass
  therubyracer
